PATH
  remote: .
  specs:
    one_pass_cli (0.1.0)
      clamp (~> 1.3)
      clipboard (~> 1.1)
      fuzzy-string-match (~> 0.9.7)
      json (~> 2.1)
      os (~> 1.0)
      rotp (~> 3.3)

GEM
  remote: https://rubygems.org/
  specs:
    RubyInline (3.12.4)
      ZenTest (~> 4.3)
    ZenTest (4.11.1)
    clamp (1.3.0)
    clipboard (1.1.2)
    fuzzy-string-match (0.9.9)
      RubyInline (>= 3.8.6)
    json (2.1.0)
    os (1.0.0)
    rake (10.5.0)
    rotp (3.3.1)

PLATFORMS
  ruby

DEPENDENCIES
  bundler (~> 1.16)
  one_pass_cli!
  rake (~> 10.0)

BUNDLED WITH
   1.16.2
